GEM
  remote: https://rubygems.org/
  specs:
    awesome_print (1.6.1)
    byebug (4.0.5)
      columnize (= 0.9.0)
    columnize (0.9.0)
    minitest (5.6.1)

PLATFORMS
  ruby

DEPENDENCIES
  awesome_print
  byebug
  minitest
